GEM
  remote: https://rubygems.org/
  specs:
    ruby-ole (1.2.12.1)
    spreadsheet (1.1.5)
      ruby-ole (>= 1.0)

PLATFORMS
  ruby

DEPENDENCIES
  spreadsheet

RUBY VERSION
   ruby 2.4.2p198

BUNDLED WITH
   1.16.0
